GIT
  remote: https://github.com/ReseauEntourage/googlestaticmap.git
  revision: a8e1b273c6cbde772aa8fd48ba9f3b515a2921b4
  specs:
    googlestaticmap (1.2.2)
      polylines (>= 0.3.0)

GIT
  remote: https://github.com/rpush/rpush.git
  revision: 840125aa568740f87e1e4a60f052748ddbe9c668
  ref: 840125aa568740f87e1e4a60f052748ddbe9c668
  specs:
    rpush (7.1.0)
      activesupport (>= 5.2, < 7.1.0)
      googleauth
      jwt (>= 1.5.6)
      multi_json (~> 1.0)
      net-http-persistent
      net-http2 (~> 0.18, >= 0.18.3)
      railties
      rainbow
      thor (>= 0.18.1, < 2.0)
      web-push

GEM
  remote: https://rubygems.org/
  specs:
    actioncable (6.1.7.8)
      actionpack (= 6.1.7.8)
      activesupport (= 6.1.7.8)
      nio4r (~> 2.0)
      websocket-driver (>= 0.6.1)
    actionmailbox (6.1.7.8)
      actionpack (= 6.1.7.8)
      activejob (= 6.1.7.8)
      activerecord (= 6.1.7.8)
      activestorage (= 6.1.7.8)
      activesupport (= 6.1.7.8)
      mail (>= 2.7.1)
    actionmailer (6.1.7.8)
      actionpack (= 6.1.7.8)
      actionview (= 6.1.7.8)
      activejob (= 6.1.7.8)
      activesupport (= 6.1.7.8)
      mail (~> 2.5, >= 2.5.4)
      rails-dom-testing (~> 2.0)
    actionpack (6.1.7.8)
      actionview (= 6.1.7.8)
      activesupport (= 6.1.7.8)
      rack (~> 2.0, >= 2.0.9)
      rack-test (>= 0.6.3)
      rails-dom-testing (~> 2.0)
      rails-html-sanitizer (~> 1.0, >= 1.2.0)
    actiontext (6.1.7.8)
      actionpack (= 6.1.7.8)
      activerecord (= 6.1.7.8)
      activestorage (= 6.1.7.8)
      activesupport (= 6.1.7.8)
      nokogiri (>= 1.8.5)
    actionview (6.1.7.8)
      activesupport (= 6.1.7.8)
      builder (~> 3.1)
      erubi (~> 1.4)
      rails-dom-testing (~> 2.0)
      rails-html-sanitizer (~> 1.1, >= 1.2.0)
    active_model_serializers (0.10.14)
      actionpack (>= 4.1)
      activemodel (>= 4.1)
      case_transform (>= 0.2)
      jsonapi-renderer (>= 0.1.1.beta1, < 0.3)
    activejob (6.1.7.8)
      activesupport (= 6.1.7.8)
      globalid (>= 0.3.6)
    activemodel (6.1.7.8)
      activesupport (= 6.1.7.8)
    activerecord (6.1.7.8)
      activemodel (= 6.1.7.8)
      activesupport (= 6.1.7.8)
    activerecord-postgis-adapter (6.0.1)
      activerecord (~> 6.0)
      rgeo-activerecord (~> 6.0)
    activestorage (6.1.7.8)
      actionpack (= 6.1.7.8)
      activejob (= 6.1.7.8)
      activerecord (= 6.1.7.8)
      activesupport (= 6.1.7.8)
      marcel (~> 1.0)
      mini_mime (>= 1.1.0)
    activesupport (6.1.7.8)
      concurrent-ruby (~> 1.0, >= 1.0.2)
      i18n (>= 1.6, < 2)
      minitest (>= 5.1)
      tzinfo (~> 2.0)
      zeitwerk (~> 2.3)
    acts-as-taggable-on (8.1.0)
      activerecord (>= 5.0, < 6.2)
    addressable (2.8.7)
      public_suffix (>= 2.0.2, < 7.0)
    airrecord (1.0.12)
      faraday (>= 1.0, < 3.0)
      faraday-net_http_persistent
      net-http-persistent
    ams_lazy_relationships (0.4.0)
      active_model_serializers (>= 0.10.0.rc4)
      batch-loader
    ancestry (4.3.3)
      activerecord (>= 5.2.6)
    ast (2.4.2)
    attr_encrypted (3.1.0)
      encryptor (~> 3.0.0)
    attr_extras (7.1.0)
    aws-eventstream (1.3.0)
    aws-partitions (1.971.0)
    aws-sdk-core (3.203.0)
      aws-eventstream (~> 1, >= 1.3.0)
      aws-partitions (~> 1, >= 1.651.0)
      aws-sigv4 (~> 1.9)
      jmespath (~> 1, >= 1.6.1)
    aws-sdk-kms (1.89.0)
      aws-sdk-core (~> 3, >= 3.203.0)
      aws-sigv4 (~> 1.5)
    aws-sdk-s3 (1.160.0)
      aws-sdk-core (~> 3, >= 3.203.0)
      aws-sdk-kms (~> 1)
      aws-sigv4 (~> 1.5)
    aws-sdk-sns (1.83.0)
      aws-sdk-core (~> 3, >= 3.203.0)
      aws-sigv4 (~> 1.5)
    aws-sigv4 (1.9.1)
      aws-eventstream (~> 1, >= 1.0.2)
    barnes (0.0.9)
      multi_json (~> 1)
      statsd-ruby (~> 1.1)
    base64 (0.2.0)
    batch-loader (2.0.5)
    bcrypt (3.1.20)
    bigdecimal (3.1.8)
    builder (3.3.0)
    bullet (7.2.0)
      activesupport (>= 3.0.0)
      uniform_notifier (~> 1.11)
    case_transform (0.2)
      activesupport
    chartkick (5.1.0)
    chronic (0.10.2)
    coffee-rails (5.0.0)
      coffee-script (>= 2.2.0)
      railties (>= 5.2.0)
    coffee-script (2.4.1)
      coffee-script-source
      execjs
    coffee-script-source (1.12.2)
    concurrent-ruby (1.3.4)
    connection_pool (2.4.1)
    crack (1.0.0)
      bigdecimal
      rexml
    crass (1.0.6)
    csv (3.3.0)
    datadog-ci (0.8.3)
      msgpack
    date (3.3.4)
    ddtrace (1.23.3)
      datadog-ci (~> 0.8.1)
      debase-ruby_core_source (= 3.3.1)
      libdatadog (~> 7.0.0.1.0)
      libddwaf (~> 1.14.0.0.0)
      msgpack
    debase-ruby_core_source (3.3.1)
    diff-lcs (1.5.1)
    dotenv (3.1.2)
    dotenv-rails (3.1.2)
      dotenv (= 3.1.2)
      railties (>= 6.1)
    encryptor (3.0.0)
    erubi (1.13.0)
    execjs (2.9.1)
    factory_bot (4.11.1)
      activesupport (>= 3.0.0)
    factory_bot_rails (4.11.1)
      factory_bot (~> 4.11.1)
      railties (>= 3.0.0)
    faker (3.4.2)
      i18n (>= 1.8.11, < 2)
    fakeredis (0.9.2)
      redis (~> 4.8)
    faraday (2.9.2)
      faraday-net_http (>= 2.0, < 3.2)
    faraday-follow_redirects (0.3.0)
      faraday (>= 1, < 3)
    faraday-multipart (1.0.4)
      multipart-post (~> 2)
    faraday-net_http (3.1.1)
      net-http
    faraday-net_http_persistent (2.1.0)
      faraday (~> 2.5)
      net-http-persistent (~> 4.0)
    ffi (1.17.0)
    geocoder (1.8.3)
      base64 (>= 0.1.0)
      csv (>= 3.0.0)
    globalid (1.2.1)
      activesupport (>= 6.1)
    google-cloud-env (2.2.0)
      faraday (>= 1.0, < 3.a)
    googleauth (1.11.0)
      faraday (>= 1.0, < 3.a)
      google-cloud-env (~> 2.1)
      jwt (>= 1.4, < 3.0)
      multi_json (~> 1.11)
      os (>= 0.9, < 2.0)
      signet (>= 0.16, < 2.a)
    handlebars_assets (0.23.9)
      execjs (~> 2.0)
      sprockets (>= 2.0.0)
      tilt (>= 1.2)
    hashdiff (1.1.1)
    hashie (5.0.0)
    http-2 (0.12.0)
      base64
    httparty (0.22.0)
      csv
      mini_mime (>= 1.0.0)
      multi_xml (>= 0.5.2)
    i18n (1.14.5)
      concurrent-ruby (~> 1.0)
    icalendar (2.10.2)
      ice_cube (~> 0.16)
    ice_cube (0.17.0)
    jmespath (1.6.2)
    jquery-rails (4.6.0)
      rails-dom-testing (>= 1, < 3)
      railties (>= 4.2.0)
      thor (>= 0.14, < 2.0)
    jquery-ui-rails (5.0.5)
      railties (>= 3.2.16)
    json (2.7.2)
    json-schema (2.8.1)
      addressable (>= 2.4)
    jsonapi-renderer (0.2.2)
    jwt (2.8.2)
      base64
    kaminari (1.2.2)
      activesupport (>= 4.1.0)
      kaminari-actionview (= 1.2.2)
      kaminari-activerecord (= 1.2.2)
      kaminari-core (= 1.2.2)
    kaminari-actionview (1.2.2)
      actionview
      kaminari-core (= 1.2.2)
    kaminari-activerecord (1.2.2)
      activerecord
      kaminari-core (= 1.2.2)
    kaminari-core (1.2.2)
    language_server-protocol (3.17.0.3)
    libdatadog (7.0.0.1.0)
    libddwaf (1.14.0.0.0)
      ffi (~> 1.0)
    lograge (0.14.0)
      actionpack (>= 4)
      activesupport (>= 4)
      railties (>= 4)
      request_store (~> 1.0)
    logstash-event (1.2.02)
    loofah (2.22.0)
      crass (~> 1.0.2)
      nokogiri (>= 1.12.0)
    mail (2.8.1)
      mini_mime (>= 0.1.1)
      net-imap
      net-pop
      net-smtp
    mailjet (1.8.0)
      activesupport (>= 5.0.0)
      faraday (~> 2.1)
      rack (>= 1.4.0)
      yajl-ruby
    marcel (1.0.4)
    method_source (1.1.0)
    mini_magick (5.0.1)
    mini_mime (1.1.5)
    mini_portile2 (2.8.7)
    minitest (5.25.1)
    momentjs-rails (2.29.4.1)
      railties (>= 3.1)
    msgpack (1.7.2)
    multi_json (1.15.0)
    multi_xml (0.6.0)
    multipart-post (2.4.1)
    mustache (1.1.1)
    net-http (0.4.1)
      uri
    net-http-persistent (4.0.2)
      connection_pool (~> 2.2)
    net-http2 (0.18.5)
      http-2 (~> 0.11)
    net-imap (0.4.16)
      date
      net-protocol
    net-pop (0.1.2)
      net-protocol
    net-protocol (0.2.2)
      timeout
    net-smtp (0.5.0)
      net-protocol
    nexmo (7.2.1)
      nexmo-jwt (~> 0.1.1)
      sorbet-runtime (~> 0.5)
      zeitwerk (~> 2, >= 2.2)
    nexmo-jwt (0.1.2)
      jwt (~> 2)
    nio4r (2.7.3)
    nokogiri (1.16.7)
      mini_portile2 (~> 2.8.2)
      racc (~> 1.4)
    openssl (3.2.0)
    optimist (3.1.0)
    os (1.1.4)
    parallel (1.26.3)
    parser (3.3.5.0)
      ast (~> 2.4.1)
      racc
    patience_diff (1.2.0)
      optimist (~> 3.0)
    pg (1.5.7)
    phonelib (0.9.1)
    polylines (0.4.0)
    public_suffix (6.0.1)
    puma (6.4.2)
      nio4r (~> 2.0)
    racc (1.8.1)
    rack (2.2.9)
    rack-attack (6.7.0)
      rack (>= 1.0, < 4)
    rack-test (2.1.0)
      rack (>= 1.3)
    rack-timeout (0.7.0)
    rails (6.1.7.8)
      actioncable (= 6.1.7.8)
      actionmailbox (= 6.1.7.8)
      actionmailer (= 6.1.7.8)
      actionpack (= 6.1.7.8)
      actiontext (= 6.1.7.8)
      actionview (= 6.1.7.8)
      activejob (= 6.1.7.8)
      activemodel (= 6.1.7.8)
      activerecord (= 6.1.7.8)
      activestorage (= 6.1.7.8)
      activesupport (= 6.1.7.8)
      bundler (>= 1.15.0)
      railties (= 6.1.7.8)
      sprockets-rails (>= 2.0.0)
    rails-controller-testing (1.0.5)
      actionpack (>= 5.0.1.rc1)
      actionview (>= 5.0.1.rc1)
      activesupport (>= 5.0.1.rc1)
    rails-dom-testing (2.2.0)
      activesupport (>= 5.0.0)
      minitest
      nokogiri (>= 1.6)
    rails-html-sanitizer (1.6.0)
      loofah (~> 2.21)
      nokogiri (~> 1.14)
    rails-observers (0.1.5)
      activemodel (>= 4.0)
    rails_12factor (0.0.3)
      rails_serve_static_assets
      rails_stdout_logging
    rails_serve_static_assets (0.0.5)
    rails_stdout_logging (0.0.5)
    railties (6.1.7.8)
      actionpack (= 6.1.7.8)
      activesupport (= 6.1.7.8)
      method_source
      rake (>= 12.2)
      thor (~> 1.0)
    rainbow (3.1.1)
    rake (13.2.1)
    ransack (2.6.0)
      activerecord (>= 6.0.4)
      activesupport (>= 6.0.4)
      i18n
    redis (4.8.1)
    regexp_parser (2.9.2)
    request_store (1.7.0)
      rack (>= 1.4)
    restforce (7.2.0)
      faraday (>= 1.1.0, < 2.10.0)
      faraday-follow_redirects (<= 0.3.0, < 1.0.0)
      faraday-multipart (>= 1.0.0, < 2.0.0)
      faraday-net_http (< 4.0.0)
      hashie (>= 1.2.0, < 6.0)
      jwt (>= 1.5.6)
    rexml (3.3.7)
    rgeo (3.0.1)
    rgeo-activerecord (6.2.2)
      activerecord (>= 5.0)
      rgeo (>= 1.0.0)
    rspec (3.13.0)
      rspec-core (~> 3.13.0)
      rspec-expectations (~> 3.13.0)
      rspec-mocks (~> 3.13.0)
    rspec-core (3.13.1)
      rspec-support (~> 3.13.0)
    rspec-expectations (3.13.2)
      diff-lcs (>= 1.2.0, < 2.0)
      rspec-support (~> 3.13.0)
    rspec-mocks (3.13.1)
      diff-lcs (>= 1.2.0, < 2.0)
      rspec-support (~> 3.13.0)
    rspec-rails (6.1.5)
      actionpack (>= 6.1)
      activesupport (>= 6.1)
      railties (>= 6.1)
      rspec-core (~> 3.13)
      rspec-expectations (~> 3.13)
      rspec-mocks (~> 3.13)
      rspec-support (~> 3.13)
    rspec-support (3.13.1)
    rspec_api_documentation (6.1.0)
      activesupport (>= 3.0.0)
      mustache (~> 1.0, >= 0.99.4)
      rspec (~> 3.0)
    rubocop (1.66.1)
      json (~> 2.3)
      language_server-protocol (>= 3.17.0)
      parallel (~> 1.10)
      parser (>= 3.3.0.2)
      rainbow (>= 2.2.2, < 4.0)
      regexp_parser (>= 2.4, < 3.0)
      rubocop-ast (>= 1.32.2, < 2.0)
      ruby-progressbar (~> 1.7)
      unicode-display_width (>= 2.4.0, < 3.0)
    rubocop-ast (1.32.3)
      parser (>= 3.3.1.0)
    rubocop-rails (2.26.0)
      activesupport (>= 4.2.0)
      rack (>= 1.1)
      rubocop (>= 1.52.0, < 2.0)
      rubocop-ast (>= 1.31.1, < 2.0)
    rubocop-rspec (3.0.4)
      rubocop (~> 1.61)
    ruby-progressbar (1.13.0)
    ruby-stemmer (3.0.0)
    safety_mailer (0.0.10)
    sass-rails (6.0.0)
      sassc-rails (~> 2.1, >= 2.1.1)
    sassc (2.4.0)
      ffi (~> 1.9)
    sassc-rails (2.1.2)
      railties (>= 4.0.0)
      sassc (>= 2.0)
      sprockets (> 3.0)
      sprockets-rails
      tilt
    select2-rails (4.0.13)
    sentry-raven (3.1.2)
      faraday (>= 1.0)
    shorturl (1.0.0)
    shoulda-matchers (6.4.0)
      activesupport (>= 5.2.0)
    sidekiq (6.5.12)
      connection_pool (>= 2.2.5, < 3)
      rack (~> 2.0)
      redis (>= 4.5.0, < 5)
    signet (0.19.0)
      addressable (~> 2.8)
      faraday (>= 0.17.5, < 3.a)
      jwt (>= 1.5, < 3.0)
      multi_json (~> 1.10)
    simplify_rb (0.4.0)
    slack-notifier (2.4.0)
    sorbet-runtime (0.5.11557)
    spring (2.1.1)
    spring-commands-rspec (1.0.4)
      spring (>= 0.9.1)
    sprockets (4.2.1)
      concurrent-ruby (~> 1.0)
      rack (>= 2.2.4, < 4)
    sprockets-rails (3.5.2)
      actionpack (>= 6.1)
      activesupport (>= 6.1)
      sprockets (>= 3.0.0)
    statsd-ruby (1.5.0)
    super_diff (0.12.1)
      attr_extras (>= 6.2.4)
      diff-lcs
      patience_diff
    terser (1.2.3)
      execjs (>= 0.3.0, < 3)
    thor (1.3.2)
    tilt (2.4.0)
    timecop (0.9.10)
    timeout (0.4.1)
    tinymce-rails (7.3.0)
      railties (>= 3.1.1)
    turbolinks (5.2.1)
      turbolinks-source (~> 5.2)
    turbolinks-source (5.2.0)
    tzinfo (2.0.6)
      concurrent-ruby (~> 1.0)
    uglifier (4.2.0)
      execjs (>= 0.3.0, < 3)
    unicode-display_width (2.5.0)
    uniform_notifier (1.16.0)
    uri (0.13.1)
    web-push (3.0.1)
      jwt (~> 2.0)
      openssl (~> 3.0)
    webmock (3.23.1)
      addressable (>= 2.8.0)
      crack (>= 0.3.2)
      hashdiff (>= 0.4.0, < 2.0.0)
    websocket-driver (0.7.6)
      websocket-extensions (>= 0.1.0)
    websocket-extensions (0.1.5)
    whenever (1.0.0)
      chronic (>= 0.6.3)
    yajl-ruby (1.4.3)
    zeitwerk (2.6.18)

PLATFORMS
  ruby

DEPENDENCIES
  active_model_serializers (~> 0.10)
  activerecord-postgis-adapter (~> 6.0)
  acts-as-taggable-on (~> 8.0)
  airrecord (~> 1)
  ams_lazy_relationships
  ancestry
  attr_encrypted (~> 3)
  aws-sdk-s3 (~> 1)
  aws-sdk-sns (~> 1)
  barnes
  bcrypt (~> 3)
  bullet
  chartkick
  coffee-rails (~> 5)
  ddtrace (~> 1.0)
  dotenv-rails
  factory_bot_rails (~> 4)
  faker
  fakeredis
  geocoder (~> 1)
  googlestaticmap!
  handlebars_assets (~> 0)
  httparty
  icalendar
  jquery-rails (~> 4)
  jquery-ui-rails (~> 5)
  json-schema (~> 2.8.1)
  kaminari (~> 1)
  lograge
  logstash-event
  mailjet
  mini_magick
  momentjs-rails (~> 2)
  nexmo
  pg (~> 1)
  phonelib
  puma
  rack-attack
  rack-timeout
  rails (~> 6.0)
  rails-controller-testing
  rails-observers
  rails_12factor
  rails_stdout_logging
  ransack (~> 2)
  redis (~> 4)
  restforce (~> 7.2.0)
  rpush!
  rspec-rails
  rspec_api_documentation
  rubocop-rails
  rubocop-rspec
  ruby-stemmer
  safety_mailer
  sass-rails
  select2-rails
  sentry-raven
  shorturl (~> 1.0.0)
  shoulda-matchers
  sidekiq (~> 6)
  simplify_rb (~> 0)
  slack-notifier
  spring (~> 2.1.0)
  spring-commands-rspec
  super_diff
  terser
  timecop
  tinymce-rails
  turbolinks (~> 5)
  uglifier
  webmock
  whenever

RUBY VERSION
   ruby 3.1.0p0

BUNDLED WITH
   2.3.3
